GEM
  remote: https://rubygems.org/
  specs:
    addressable (2.5.2)
      public_suffix (>= 2.0.2, < 4.0)
    builder (3.2.3)
    coderay (1.1.2)
    domain_name (0.5.20180417)
      unf (>= 0.0.5, < 1.0.0)
    facets (3.1.0)
    http (2.2.2)
      addressable (~> 2.3)
      http-cookie (~> 1.0)
      http-form_data (~> 1.0.1)
      http_parser.rb (~> 0.6.0)
    http-cookie (1.0.3)
      domain_name (~> 0.5)
    http-form_data (1.0.3)
    http_parser.rb (0.6.0)
    json (2.1.0)
    method_source (0.9.2)
    mini_portile2 (2.4.0)
    nokogiri (1.9.1)
      mini_portile2 (~> 2.4.0)
    optimist (3.0.0)
    pry (0.12.2)
      coderay (~> 1.1.0)
      method_source (~> 0.9.0)
    public_suffix (3.0.3)
    rbvmomi (2.0.0)
      builder (~> 3.0)
      json (>= 1.8)
      nokogiri (~> 1.5)
      optimist (~> 3.0)
    unf (0.1.4)
      unf_ext
    unf_ext (0.0.7.5)
    zabbix_sender (0.1.3)
    zabbixapi (4.0.0)
      http (~> 2.0)
      json (~> 2.0)

PLATFORMS
  ruby

DEPENDENCIES
  facets
  pry
  rbvmomi
  zabbix_sender
  zabbixapi

BUNDLED WITH
   1.16.5
